GEM
  remote: https://rubygems.org/
  specs:
    addressable (2.8.0)
      public_suffix (>= 2.0.2, < 5.0)
    httpclient (2.8.3)
    naether (0.15.7)
      httpclient
      rake (< 11.0)
      rjb (> 1.4.0, < 1.6.0)
    naether (0.15.7-java)
      httpclient
      rake (< 11.0)
    public_suffix (4.0.6)
    rake (10.5.0)
    rjb (1.5.9)

PLATFORMS
  java
  x86_64-linux

DEPENDENCIES
  addressable (= 2.8.0)
  naether (= 0.15.7)

RUBY VERSION
   ruby 2.5.7p0 (jruby 9.2.9.0)

BUNDLED WITH
   2.1.4
