GEM
  remote: https://rubygems.org/
  specs:
    addressable (2.3.6)
    httpclient (2.8.3)
    naether (0.15.7-java)
      httpclient
      rake (< 11.0)
    rake (10.5.0)

PLATFORMS
  java

DEPENDENCIES
  addressable (= 2.3.6)
  naether (= 0.15.7)

RUBY VERSION
   ruby 2.5.7p0 (jruby 9.2.9.0)

BUNDLED WITH
   2.1.4
